GEM
  remote: https://rubygems.org/
  specs:
    addressable (2.5.2)
      public_suffix (>= 2.0.2, < 4.0)
    amq-protocol (2.2.0)
    amqp (1.7.0)
      amq-protocol (>= 2.1.0)
      eventmachine
    dalli (2.7.6)
    em-http-request (0.2.15)
      addressable (>= 2.0.0)
      eventmachine (>= 0.12.9)
    em-pusher (0.1.0)
      em-http-request (~> 0.2.10)
      ruby-hmac (~> 0.4.0)
      yajl-ruby (~> 0.7.6)
    eventmachine (1.2.5)
    eventmachine (1.2.5-x86-mingw32)
    public_suffix (3.0.1)
    rack (2.0.3)
    ruby-hmac (0.4.0)
    yajl-ruby (0.7.9)

PLATFORMS
  ruby
  x86-mingw32

DEPENDENCIES
  amqp
  dalli
  em-http-request
  em-pusher
  eventmachine
  rack

RUBY VERSION
   ruby 2.2.5p319

BUNDLED WITH
   1.16.0
