GEM
  remote: https://rubygems.org/
  specs:
    amq-client (0.9.4)
      amq-protocol (>= 0.9.4)
      eventmachine
    amq-protocol (0.9.4)
    amqp (0.9.7)
      amq-client (~> 0.9.4)
      amq-protocol (>= 0.9.4)
      eventmachine
    eventmachine (1.0.0.rc.4)

PLATFORMS
  ruby

DEPENDENCIES
  amqp
  bundler (~> 1.2.0.pre)
  eventmachine (~> 1.0.0.rc.4)
