GEM
  remote: http://rubygems.org/
  specs:
    addressable (2.2.8)
    amq-client (0.9.4)
      amq-protocol (>= 0.9.4)
      eventmachine
    amq-protocol (0.9.4)
    amqp (0.9.7)
      amq-client (~> 0.9.4)
      amq-protocol (>= 0.9.4)
      eventmachine
    dalli (2.1.0)
    em-http-request (0.2.15)
      addressable (>= 2.0.0)
      eventmachine (>= 0.12.9)
    em-pusher (0.1.0)
      em-http-request (~> 0.2.10)
      ruby-hmac (~> 0.4.0)
      yajl-ruby (~> 0.7.6)
    eventmachine (1.0.0.rc.4)
    ruby-hmac (0.4.0)
    yajl-ruby (0.7.9)

PLATFORMS
  ruby

DEPENDENCIES
  amqp
  bundler (~> 1.2.0.pre)
  dalli
  em-http-request
  em-pusher
  eventmachine (~> 1.0.0.rc.4)
