GEM
  remote: http://rubygems.org/
  specs:
    addressable (2.3.1)
    amq-client (1.0.0.pre2)
      amq-protocol (>= 0.9.4)
      eventmachine
    amq-protocol (1.0.0.pre6)
    amqp (1.0.0.pre2)
      amq-client (~> 1.0.0.pre2)
      amq-protocol (~> 1.0.0.pre6)
      eventmachine
    dalli (2.1.0)
    em-http-request (0.2.15)
      addressable (>= 2.0.0)
      eventmachine (>= 0.12.9)
    em-pusher (0.1.0)
      em-http-request (~> 0.2.10)
      ruby-hmac (~> 0.4.0)
      yajl-ruby (~> 0.7.6)
    eventmachine (1.0.0.rc.4)
    rack (1.4.1)
    ruby-hmac (0.4.0)
    yajl-ruby (0.7.9)

PLATFORMS
  ruby

DEPENDENCIES
  amqp (~> 1.0.0.pre2)
  bundler (~> 1.2.0.rc)
  dalli
  em-http-request
  em-pusher
  eventmachine (~> 1.0.0.rc.4)
  rack
