GEM
  remote: https://rubygems.org/
  specs:
    eventmachine (1.0.0.rc.4)

PLATFORMS
  ruby

DEPENDENCIES
  bundler (~> 1.2.0.pre)
  eventmachine (~> 1.0.0.rc.4)
