GEM
  remote: https://rubygems.org/
  specs:
    addressable (2.5.2)
      public_suffix (>= 2.0.2, < 4.0)
    amq-protocol (2.2.0)
    amqp (1.7.0)
      amq-protocol (>= 2.1.0)
      eventmachine
    cookiejar (0.3.3)
    dalli (2.7.6)
    em-http-request (1.1.5)
      addressable (>= 2.3.4)
      cookiejar (!= 0.3.1)
      em-socksify (>= 0.3)
      eventmachine (>= 1.0.3)
      http_parser.rb (>= 0.6.0)
    em-socksify (0.3.1)
      eventmachine (>= 1.0.0.beta.4)
    eventmachine (1.2.5)
    eventmachine (1.2.5-x86-mingw32)
    http_parser.rb (0.6.0)
    public_suffix (3.0.1)
    rack (2.0.3)

PLATFORMS
  ruby
  x86-mingw32

DEPENDENCIES
  amqp
  dalli
  em-http-request
  eventmachine
  rack

RUBY VERSION
   ruby 2.2.5p319

BUNDLED WITH
   1.16.0
